PATH
  remote: .
  specs:
    bimble (0.0.1)
      dotenv
      git
      github_api
      launchy

GEM
  remote: https://rubygems.org/
  specs:
    addressable (2.3.5)
    descendants_tracker (0.0.3)
    diff-lcs (1.2.5)
    dotenv (0.10.0)
    faraday (0.9.0)
      multipart-post (>= 1.2, < 3)
    git (1.2.6)
    github_api (0.11.3)
      addressable (~> 2.3)
      descendants_tracker (~> 0.0.1)
      faraday (~> 0.8, < 0.10)
      hashie (>= 1.2)
      multi_json (>= 1.7.5, < 2.0)
      nokogiri (~> 1.6.0)
      oauth2
    hashie (2.0.5)
    jwt (0.1.11)
      multi_json (>= 1.5)
    launchy (2.4.2)
      addressable (~> 2.3)
    mini_portile (0.5.2)
    multi_json (1.9.0)
    multi_xml (0.5.5)
    multipart-post (2.0.0)
    nokogiri (1.6.1)
      mini_portile (~> 0.5.0)
    oauth2 (0.9.3)
      faraday (>= 0.8, < 0.10)
      jwt (~> 0.1.8)
      multi_json (~> 1.3)
      multi_xml (~> 0.5)
      rack (~> 1.2)
    rack (1.5.2)
    rake (10.1.1)
    rspec (2.14.1)
      rspec-core (~> 2.14.0)
      rspec-expectations (~> 2.14.0)
      rspec-mocks (~> 2.14.0)
    rspec-core (2.14.8)
    rspec-expectations (2.14.5)
      diff-lcs (>= 1.1.3, < 2.0)
    rspec-mocks (2.14.6)

PLATFORMS
  ruby

DEPENDENCIES
  bimble!
  bundler (~> 1.3)
  rake
  rspec
