GEM
  remote: https://rubygems.org/
  specs:
    addressable (2.3.5)
    descendants_tracker (0.0.3)
    dotenv (0.9.0)
    faraday (0.8.0)
      multipart-post (~> 1.1)
    git (1.2.6)
    github_api (0.11.1)
      addressable (~> 2.3)
      descendants_tracker (~> 0.0.1)
      faraday (~> 0.8, < 0.10)
      hashie (>= 1.2)
      multi_json (>= 1.7.5, < 2.0)
      nokogiri (~> 1.6.0)
      oauth2
    hashie (2.0.5)
    httpauth (0.2.0)
    jwt (0.1.10)
      multi_json (>= 1.5)
    launchy (2.4.2)
      addressable (~> 2.3)
    mini_portile (0.5.2)
    multi_json (1.8.4)
    multi_xml (0.5.5)
    multipart-post (1.2.0)
    nokogiri (1.6.1)
      mini_portile (~> 0.5.0)
    oauth2 (0.9.2)
      faraday (~> 0.8)
      httpauth (~> 0.2)
      jwt (~> 0.1.4)
      multi_json (~> 1.0)
      multi_xml (~> 0.5)
      rack (~> 1.2)
    rack (1.5.2)

PLATFORMS
  ruby

DEPENDENCIES
  dotenv
  faraday (= 0.8.0)
  git
  github_api
  launchy
