GEM
  remote: https://rubygems.org/
  specs:
    addressable (2.3.4)
    dotenv (0.8.0)
    faraday (0.8.7)
      multipart-post (~> 1.1)
    git (1.2.5)
    github_api (0.10.1)
      addressable
      faraday (~> 0.8.1)
      hashie (>= 1.2)
      multi_json (~> 1.4)
      nokogiri (~> 1.5.2)
      oauth2
    hashie (2.0.5)
    httpauth (0.2.0)
    jwt (0.1.8)
      multi_json (>= 1.5)
    launchy (2.3.0)
      addressable (~> 2.3)
    multi_json (1.7.7)
    multi_xml (0.5.4)
    multipart-post (1.2.0)
    nokogiri (1.5.10)
    oauth2 (0.9.1)
      faraday (~> 0.8)
      httpauth (~> 0.1)
      jwt (~> 0.1.4)
      multi_json (~> 1.0)
      multi_xml (~> 0.5)
      rack (~> 1.2)
    rack (1.5.2)

PLATFORMS
  ruby

DEPENDENCIES
  dotenv
  git
  github_api
  launchy
